GEM
  remote: https://rubygems.org/
  specs:
    activemodel (4.2.1)
      activesupport (= 4.2.1)
      builder (~> 3.1)
    activesupport (4.2.1)
      i18n (~> 0.7)
      json (~> 1.7, >= 1.7.7)
      minitest (~> 5.1)
      thread_safe (~> 0.3, >= 0.3.4)
      tzinfo (~> 1.1)
    builder (3.2.2)
    hashie (3.4.1)
    highline (1.7.1)
    i18n (0.7.0)
    json (1.8.2)
    minitest (5.5.1)
    net-scp (1.2.1)
      net-ssh (>= 2.6.5)
    net-ssh (2.9.2)
    plist (3.1.0)
    serverkit (0.2.6)
      activemodel
      activesupport
      bundler
      hashie
      highline
      slop (~> 3.4)
      specinfra
    serverkit-defaults (0.0.1)
      plist
      serverkit
    serverkit-karabiner (0.0.1)
      serverkit
    serverkit-rbenv (0.0.1)
    slop (3.6.0)
    specinfra (2.28.1)
      net-scp
      net-ssh
    thread_safe (0.3.5)
    tzinfo (1.2.2)
      thread_safe (~> 0.1)

PLATFORMS
  ruby

DEPENDENCIES
  serverkit
  serverkit-defaults
  serverkit-karabiner
  serverkit-rbenv
